GIT
  remote: https://github.com/stympy/faker.git
  revision: d355cc3ed6767c118729039839e2d7666c49ee56
  branch: main
  specs:
    faker (3.2.3)
      i18n (>= 1.8.11, < 2)

GEM
  remote: https://rubygems.org/
  specs:
    concurrent-ruby (1.2.3)
    i18n (1.14.1)
      concurrent-ruby (~> 1.0)

PLATFORMS
  x86_64-linux

DEPENDENCIES
  faker!

BUNDLED WITH
   2.3.7
